GEM
  remote: https://rubygems.org/
  specs:
    bourbon (1.4.0)
      sass (>= 3.1)
    rack (1.4.1)
    sass (3.1.15)
    shotgun (0.9)
      rack (>= 1.0)

PLATFORMS
  ruby

DEPENDENCIES
  bourbon
  shotgun
