GEM
  remote: https://rubygems.org/
  specs:
    bourbon (1.4.0)
      sass (>= 3.1)
    sass (3.1.15)

PLATFORMS
  ruby

DEPENDENCIES
  bourbon
